NUGET
  remote: https://www.nuget.org/api/v2
    FAKE (4.63.2)
    GitVersion.CommandLine (3.6.5)
